GEM
  remote: https://rubygems.org/
  specs:
    activesupport (3.2.19)
      i18n (~> 0.6, >= 0.6.4)
      multi_json (~> 1.0)
    coderay (1.1.0)
    diff-lcs (1.2.5)
    i18n (0.6.11)
    method_source (0.8.2)
    multi_json (1.10.1)
    phone (1.2.3)
    pry (0.10.1)
      coderay (~> 1.1.0)
      method_source (~> 0.8.1)
      slop (~> 3.4)
    rspec (3.1.0)
      rspec-core (~> 3.1.0)
      rspec-expectations (~> 3.1.0)
      rspec-mocks (~> 3.1.0)
    rspec-core (3.1.5)
      rspec-support (~> 3.1.0)
    rspec-expectations (3.1.2)
      diff-lcs (>= 1.2.0, < 2.0)
      rspec-support (~> 3.1.0)
    rspec-mocks (3.1.2)
      rspec-support (~> 3.1.0)
    rspec-support (3.1.1)
    slop (3.6.0)

PLATFORMS
  ruby

DEPENDENCIES
  activesupport (~> 3.2)
  phone (~> 1.2.3)
  pry
  rspec (~> 3.1.0)
